GEM
  remote: https://rubygems.org/
  specs:
    colorize (0.8.1)
    sqlite3 (1.4.2)

PLATFORMS
  ruby

DEPENDENCIES
  colorize
  sqlite3

BUNDLED WITH
   2.1.4
